GEM
  remote: http://rubygems.org/
  specs:
    ascii_charts (0.9.1)
    colored (1.2)
    console_view_helper (0.0.4)
      colored (= 1.2)

PLATFORMS
  x86-mingw32

DEPENDENCIES
  ascii_charts
  console_view_helper

BUNDLED WITH
   1.13.6
